GEM
  remote: https://rubygems.org/
  specs:
    activesupport (5.0.0.1)
      concurrent-ruby (~> 1.0, >= 1.0.2)
      i18n (~> 0.7)
      minitest (~> 5.1)
      tzinfo (~> 1.1)
    byebug (9.0.6)
    concurrent-ruby (1.0.2)
    faker (1.6.6)
      i18n (~> 0.5)
    i18n (0.7.0)
    jsonapi-parser (0.1.1.beta3)
    jsonapi-serializers (0.16.1)
      activesupport
    minitest (5.9.1)
    rack (1.6.5)
    rack-protection (1.5.3)
      rack
    sinatra (1.4.7)
      rack (~> 1.5)
      rack-protection (~> 1.4)
      tilt (>= 1.3, < 3)
    thread_safe (0.3.5)
    tilt (2.0.5)
    tzinfo (1.2.2)
      thread_safe (~> 0.1)

PLATFORMS
  ruby

DEPENDENCIES
  byebug
  faker
  jsonapi-parser
  jsonapi-serializers
  sinatra

BUNDLED WITH
   1.13.6
